GEM
  remote: http://rubygems.org/
  specs:
    diff-lcs (1.1.3)
    git (1.2.5)
    jeweler (1.6.4)
      bundler (~> 1.0)
      git (>= 1.2.5)
      rake
    json (1.6.1)
    rake (0.9.2)
    rcov (0.9.9)
    rspec (2.7.0)
      rspec-core (~> 2.7.0)
      rspec-expectations (~> 2.7.0)
      rspec-mocks (~> 2.7.0)
    rspec-core (2.7.1)
    rspec-expectations (2.7.0)
      diff-lcs (~> 1.1.2)
    rspec-mocks (2.7.0)

PLATFORMS
  ruby

DEPENDENCIES
  bundler (~> 1.0.0)
  jeweler (~> 1.6.4)
  json
  rcov
  rspec
